GEM
  remote: http://rubygems.org/
  specs:
    builder (3.0.0)
    daemons (1.1.8)
    eventmachine (0.12.10)
    json (1.6.6)
    jwt (0.1.4)
      json (>= 1.2.4)
    multi_json (1.2.0)
    rack (1.4.1)
    redis (2.2.2)
    sinatra (1.1.0)
      rack (~> 1.1)
      tilt (~> 1.1)
    thin (1.2.7)
      daemons (>= 1.0.9)
      eventmachine (>= 0.12.6)
      rack (>= 1.0.0)
    tilt (1.3.3)
    twilio-ruby (3.6.0)
      builder (>= 2.1.2)
      jwt (>= 0.1.2)
      multi_json (>= 1.0.3)

PLATFORMS
  ruby

DEPENDENCIES
  redis (~> 2.2.2)
  sinatra (= 1.1.0)
  thin (= 1.2.7)
  twilio-ruby (= 3.6.0)
